GEM
  remote: https://rubygems.org/
  specs:
    curb (0.9.10)

PLATFORMS
  ruby

DEPENDENCIES
  curb

BUNDLED WITH
   2.1.4
